GIT
  remote: git://github.com/hyperoslo/facebook-messenger.git
  revision: 0ce15312ee6bfbb2d28675878f3033870b14a77a
  specs:
    facebook-messenger (0.12.0)
      httparty (~> 0.13, >= 0.13.7)
      rack (>= 1.6.4)

GEM
  remote: https://rubygems.org/
  specs:
    addressable (2.5.1)
      public_suffix (~> 2.0, >= 2.0.2)
    bci (18.0.0)
      rest-client (>= 2.0.2)
    concurrent-ruby (1.0.5)
    domain_name (0.5.20170404)
      unf (>= 0.0.5, < 1.0.0)
    dotenv (2.2.0)
    haversine (0.3.2)
    http-cookie (1.0.3)
      domain_name (~> 0.5)
    httparty (0.14.0)
      multi_xml (>= 0.5.2)
    mime-types (3.1)
      mime-types-data (~> 3.2015)
    mime-types-data (3.2016.0521)
    multi_xml (0.6.0)
    netrc (0.11.0)
    public_suffix (2.0.5)
    puma (3.8.2)
    rack (1.6.5)
    rack-protection (1.5.3)
      rack
    rest-client (2.0.2)
      http-cookie (>= 1.0.2, < 2.0)
      mime-types (>= 1.16, < 4.0)
      netrc (~> 0.8)
    sinatra (1.4.8)
      rack (~> 1.5)
      rack-protection (~> 1.4)
      tilt (>= 1.3, < 3)
    sucker_punch (2.0.4)
      concurrent-ruby (~> 1.0.0)
    tilt (2.0.7)
    unf (0.1.4)
      unf_ext
    unf_ext (0.0.7.4)

PLATFORMS
  ruby

DEPENDENCIES
  addressable
  bci
  dotenv
  facebook-messenger!
  haversine
  httparty
  puma
  sinatra
  sucker_punch (~> 2.0)

RUBY VERSION
   ruby 2.3.3p222

BUNDLED WITH
   1.16.1
